GEM
  remote: http://rubygems.org/
  specs:
    activesupport (3.2.13)
      i18n (= 0.6.1)
      multi_json (~> 1.0)
    celluloid (0.13.0)
      timers (>= 1.0.0)
    diff-lcs (1.2.4)
    fakeweb (1.3.0)
    faraday (0.8.7)
      multipart-post (~> 1.1)
    git (1.2.5)
    hashie (2.0.4)
    i18n (0.6.1)
    jeweler (1.8.4)
      bundler (~> 1.0)
      git (>= 1.2.5)
      rake
      rdoc
    json (1.7.7)
    json (1.7.7-java)
    multi_json (1.7.3)
    multipart-post (1.2.0)
    rake (10.0.4)
    rdoc (4.0.1)
      json (~> 1.4)
    rspec (2.13.0)
      rspec-core (~> 2.13.0)
      rspec-expectations (~> 2.13.0)
      rspec-mocks (~> 2.13.0)
    rspec-core (2.13.1)
    rspec-expectations (2.13.0)
      diff-lcs (>= 1.1.3, < 2.0)
    rspec-mocks (2.13.1)
    simplecov (0.7.1)
      multi_json (~> 1.0)
      simplecov-html (~> 0.7.1)
    simplecov-html (0.7.1)
    timers (1.1.0)
    yard (0.8.6.1)

PLATFORMS
  java
  ruby

DEPENDENCIES
  activesupport
  bundler (>= 1.0.0)
  celluloid (>= 0.11.1)
  fakeweb
  faraday (>= 0.8.1)
  hashie (>= 1.2.0)
  jeweler (>= 1.8.4)
  rdoc (>= 3.12)
  rspec (>= 2.8.0)
  simplecov
  yard (>= 0.7)
